GEM
  remote: https://rubygems.org/
  specs:
    actionmailer (2.3.8)
      actionpack (= 2.3.8)
    actionpack (2.3.8)
      activesupport (= 2.3.8)
      rack (~> 1.1.0)
    activerecord (2.3.8)
      activesupport (= 2.3.8)
    activeresource (2.3.8)
      activesupport (= 2.3.8)
    activesupport (2.3.8)
    daemons (1.2.6)
    pg (0.9.0)
    rack (1.1.6)
    rails (2.3.8)
      actionmailer (= 2.3.8)
      actionpack (= 2.3.8)
      activerecord (= 2.3.8)
      activeresource (= 2.3.8)
      activesupport (= 2.3.8)
      rake (>= 0.8.3)
    rake (10.5.0)

PLATFORMS
  ruby

DEPENDENCIES
  daemons
  pg (= 0.9.0)
  rails (= 2.3.8)
  rake (= 10.5.0)

BUNDLED WITH
   1.16.5
